GEM
  remote: https://rubygems.org/
  specs:
    ruby2d (0.12.1)

PLATFORMS
  x86_64-darwin-20

DEPENDENCIES
  ruby2d

BUNDLED WITH
   2.3.14
